GIT
  remote: git://github.com/owahab/apipie-rails.git
  revision: 76e8b6d804e1b68477e66823cc3769df726e508a
  specs:
    apipie-rails (0.3.4)
      json

GIT
  remote: git://github.com/seuros/state_machine.git
  revision: 95ba53f03e5657a5873343c2b1dc6a148ea3542e
  specs:
    state_machine (1.2.0)

GEM
  remote: https://rubygems.org/
  specs:
    actionmailer (4.2.1)
      actionpack (= 4.2.1)
      actionview (= 4.2.1)
      activejob (= 4.2.1)
      mail (~> 2.5, >= 2.5.4)
      rails-dom-testing (~> 1.0, >= 1.0.5)
    actionpack (4.2.1)
      actionview (= 4.2.1)
      activesupport (= 4.2.1)
      rack (~> 1.6)
      rack-test (~> 0.6.2)
      rails-dom-testing (~> 1.0, >= 1.0.5)
      rails-html-sanitizer (~> 1.0, >= 1.0.1)
    actionview (4.2.1)
      activesupport (= 4.2.1)
      builder (~> 3.1)
      erubis (~> 2.7.0)
      rails-dom-testing (~> 1.0, >= 1.0.5)
      rails-html-sanitizer (~> 1.0, >= 1.0.1)
    activejob (4.2.1)
      activesupport (= 4.2.1)
      globalid (>= 0.3.0)
    activemodel (4.2.1)
      activesupport (= 4.2.1)
      builder (~> 3.1)
    activerecord (4.2.1)
      activemodel (= 4.2.1)
      activesupport (= 4.2.1)
      arel (~> 6.0)
    activerecord-session_store (0.1.2)
      actionpack (>= 4.0.0, < 5)
      activerecord (>= 4.0.0, < 5)
      railties (>= 4.0.0, < 5)
    activesupport (4.2.1)
      i18n (~> 0.7)
      json (~> 1.7, >= 1.7.7)
      minitest (~> 5.1)
      thread_safe (~> 0.3, >= 0.3.4)
      tzinfo (~> 1.1)
    addressable (2.4.0)
    annotate (2.6.10)
      activerecord (>= 3.2, <= 4.3)
      rake (~> 10.4)
    arel (6.0.3)
    av (0.9.0)
      cocaine (~> 0.5.3)
    bcrypt (3.1.11)
    bcrypt-ruby (3.1.5)
      bcrypt (>= 3.1.3)
    binding_of_caller (0.7.2)
      debug_inspector (>= 0.0.1)
    bootstrap-sass (3.2.0.2)
      sass (~> 3.2)
    builder (3.2.2)
    byebug (8.2.2)
    cancancan (1.13.1)
    certified (1.0.0)
    climate_control (0.0.3)
      activesupport (>= 3.0)
    cocaine (0.5.8)
      climate_control (>= 0.0.3, < 1.0)
    codeclimate-test-reporter (0.5.0)
      simplecov (>= 0.7.1, < 1.0.0)
    coderay (1.1.1)
    coffee-rails (4.1.1)
      coffee-script (>= 2.2.0)
      railties (>= 4.0.0, < 5.1.x)
    coffee-script (2.4.1)
      coffee-script-source
      execjs
    coffee-script-source (1.10.0)
    concurrent-ruby (1.0.1)
    cookiejar (0.3.0)
    data_uri (0.1.0)
    database_cleaner (1.5.1)
    debug_inspector (0.0.2)
    delayed_paperclip (2.9.1)
      paperclip (>= 3.3)
    devise (3.5.6)
      bcrypt (~> 3.0)
      orm_adapter (~> 0.1)
      railties (>= 3.2.6, < 5)
      responders
      thread_safe (~> 0.1)
      warden (~> 1.2.3)
    devise_token_auth (0.1.31)
      devise (~> 3.3)
      rails (~> 4.2)
    diff-lcs (1.2.5)
    docile (1.1.5)
    domain_name (0.5.20160309)
      unf (>= 0.0.5, < 1.0.0)
    em-http-request (1.1.3)
      addressable (>= 2.3.4)
      cookiejar (<= 0.3.0)
      em-socksify (>= 0.3)
      eventmachine (>= 1.0.3)
      http_parser.rb (>= 0.6.0)
    em-socksify (0.3.1)
      eventmachine (>= 1.0.0.beta.4)
    erubis (2.7.0)
    eventmachine (1.0.9.1)
    execjs (2.6.0)
    factory_girl (4.5.0)
      activesupport (>= 3.0.0)
    factory_girl_rails (4.6.0)
      factory_girl (~> 4.5.0)
      railties (>= 3.0.0)
    faraday (0.9.2)
      multipart-post (>= 1.2, < 3)
    faye (1.1.2)
      cookiejar (>= 0.3.0)
      em-http-request (>= 0.3.0)
      eventmachine (>= 0.12.0)
      faye-websocket (>= 0.9.1)
      multi_json (>= 1.0.0)
      rack (>= 1.0.0)
      websocket-driver (>= 0.5.1)
    faye-websocket (0.10.3)
      eventmachine (>= 0.12.0)
      websocket-driver (>= 0.5.1)
    font-awesome-rails (4.5.0.1)
      railties (>= 3.2, < 5.1)
    foreman (0.78.0)
      thor (~> 0.19.1)
    globalid (0.3.6)
      activesupport (>= 4.1.0)
    haml (4.0.7)
      tilt
    hashie (3.4.3)
    http-cookie (1.0.2)
      domain_name (~> 0.5)
    http_parser.rb (0.6.0)
    i18n (0.7.0)
    jbuilder (2.4.1)
      activesupport (>= 3.0.0, < 5.1)
      multi_json (~> 1.2)
    jquery-rails (4.1.1)
      rails-dom-testing (>= 1, < 3)
      railties (>= 4.2.0)
      thor (>= 0.14, < 2.0)
    jquery-ui-rails (5.0.5)
      railties (>= 3.2.16)
    json (1.8.3)
    jwt (1.5.1)
    kaminari (0.16.3)
      actionpack (>= 3.0.0)
      activesupport (>= 3.0.0)
    kgio (2.10.0)
    launchy (2.4.3)
      addressable (~> 2.3)
    letter_opener (1.4.1)
      launchy (~> 2.2)
    libv8 (4.5.95.5)
    loofah (2.0.3)
      nokogiri (>= 1.5.9)
    mail (2.6.3)
      mime-types (>= 1.16, < 3)
    mail_view (2.0.4)
      tilt
    mechanize (2.7.4)
      domain_name (~> 0.5, >= 0.5.1)
      http-cookie (~> 1.0)
      mime-types (>= 1.17.2, < 3)
      net-http-digest_auth (~> 1.1, >= 1.1.1)
      net-http-persistent (~> 2.5, >= 2.5.2)
      nokogiri (~> 1.6)
      ntlm-http (~> 0.1, >= 0.1.1)
      webrobots (>= 0.0.9, < 0.2)
    method_source (0.8.2)
    mime-types (2.99.1)
    mimemagic (0.3.0)
    mini_portile2 (2.0.0)
    minitest (5.8.4)
    mono_logger (1.1.0)
    multi_json (1.11.2)
    multi_xml (0.5.5)
    multipart-post (2.0.0)
    nested_form (0.3.2)
    net-http-digest_auth (1.4)
    net-http-persistent (2.9.4)
    newrelic_rpm (3.15.0.314)
    nokogiri (1.6.7.2)
      mini_portile2 (~> 2.0.0.rc2)
    ntlm-http (0.1.1)
    oauth2 (1.1.0)
      faraday (>= 0.8, < 0.10)
      jwt (~> 1.0, < 1.5.2)
      multi_json (~> 1.3)
      multi_xml (~> 0.5)
      rack (>= 1.2, < 3)
    omniauth (1.3.1)
      hashie (>= 1.2, < 4)
      rack (>= 1.0, < 3)
    omniauth-facebook (3.0.0)
      omniauth-oauth2 (~> 1.2)
    omniauth-google-oauth2 (0.4.0)
      jwt (~> 1.5.0)
      multi_json (~> 1.3)
      omniauth (>= 1.1.1)
      omniauth-oauth2 (>= 1.3.1)
    omniauth-oauth2 (1.4.0)
      oauth2 (~> 1.0)
      omniauth (~> 1.2)
    orm_adapter (0.5.0)
    paperclip (4.3.6)
      activemodel (>= 3.2.0)
      activesupport (>= 3.2.0)
      cocaine (~> 0.5.5)
      mime-types
      mimemagic (= 0.3.0)
    paperclip-av-transcoder (0.6.4)
      av (~> 0.9.0)
      paperclip (>= 2.5.2)
    paranoia (2.1.5)
      activerecord (~> 4.0)
    pg (0.18.4)
    postmark (1.7.1)
      json
      rake
    postmark-rails (0.12.0)
      actionmailer (>= 3.0.0)
      postmark (~> 1.7.0)
    pry (0.10.3)
      coderay (~> 1.1.0)
      method_source (~> 0.8.1)
      slop (~> 3.4)
    pry-doc (0.8.0)
      pry (~> 0.9)
      yard (~> 0.8)
    pry-rails (0.3.4)
      pry (>= 0.9.10)
    puma (3.1.0)
    quiet_assets (1.1.0)
      railties (>= 3.1, < 5.0)
    rack (1.6.4)
    rack-cors (0.4.0)
    rack-pjax (0.8.0)
      nokogiri (~> 1.5)
      rack (~> 1.1)
    rack-protection (1.5.3)
      rack
    rack-test (0.6.3)
      rack (>= 1.0)
    rails (4.2.1)
      actionmailer (= 4.2.1)
      actionpack (= 4.2.1)
      actionview (= 4.2.1)
      activejob (= 4.2.1)
      activemodel (= 4.2.1)
      activerecord (= 4.2.1)
      activesupport (= 4.2.1)
      bundler (>= 1.3.0, < 2.0)
      railties (= 4.2.1)
      sprockets-rails
    rails-deprecated_sanitizer (1.0.3)
      activesupport (>= 4.2.0.alpha)
    rails-dom-testing (1.0.7)
      activesupport (>= 4.2.0.beta, < 5.0)
      nokogiri (~> 1.6.0)
      rails-deprecated_sanitizer (>= 1.0.1)
    rails-html-sanitizer (1.0.3)
      loofah (~> 2.0)
    rails_12factor (0.0.3)
      rails_serve_static_assets
      rails_stdout_logging
    rails_admin (0.8.1)
      builder (~> 3.1)
      coffee-rails (~> 4.0)
      font-awesome-rails (>= 3.0, < 5)
      haml (~> 4.0)
      jquery-rails (>= 3.0, < 5)
      jquery-ui-rails (~> 5.0)
      kaminari (~> 0.14)
      nested_form (~> 0.3)
      rack-pjax (~> 0.7)
      rails (~> 4.0)
      remotipart (~> 1.0)
      safe_yaml (~> 1.0)
      sass-rails (>= 4.0, < 6)
    rails_serve_static_assets (0.0.5)
    rails_stdout_logging (0.0.4)
    railties (4.2.1)
      actionpack (= 4.2.1)
      activesupport (= 4.2.1)
      rake (>= 0.8.7)
      thor (>= 0.18.1, < 2.0)
    raindrops (0.16.0)
    rake (10.5.0)
    rdoc (4.2.2)
      json (~> 1.4)
    redis (3.2.2)
    redis-namespace (1.5.2)
      redis (~> 3.0, >= 3.0.4)
    remotipart (1.2.1)
    responders (2.1.1)
      railties (>= 4.2.0, < 5.1)
    resque (1.26.0)
      mono_logger (~> 1.0)
      multi_json (~> 1.0)
      redis-namespace (~> 1.3)
      sinatra (>= 0.9.2)
      vegas (~> 0.1.2)
    resque-scheduler (4.1.0)
      mono_logger (~> 1.0)
      redis (~> 3.0)
      resque (~> 1.25)
      rufus-scheduler (~> 3.0)
    resque_mailer (2.2.7)
      actionmailer (>= 3.0)
    roo (2.3.2)
      nokogiri (~> 1)
      rubyzip (~> 1.1, < 2.0.0)
    rspec-core (3.4.4)
      rspec-support (~> 3.4.0)
    rspec-expectations (3.4.0)
      diff-lcs (>= 1.2.0, < 2.0)
      rspec-support (~> 3.4.0)
    rspec-mocks (3.4.1)
      diff-lcs (>= 1.2.0, < 2.0)
      rspec-support (~> 3.4.0)
    rspec-rails (3.4.2)
      actionpack (>= 3.0, < 4.3)
      activesupport (>= 3.0, < 4.3)
      railties (>= 3.0, < 4.3)
      rspec-core (~> 3.4.0)
      rspec-expectations (~> 3.4.0)
      rspec-mocks (~> 3.4.0)
      rspec-support (~> 3.4.0)
    rspec-support (3.4.1)
    rubyzip (1.2.0)
    rufus-scheduler (3.2.0)
    safe_yaml (1.0.4)
    sass (3.4.21)
    sass-rails (5.0.4)
      railties (>= 4.0.0, < 5.0)
      sass (~> 3.1)
      sprockets (>= 2.8, < 4.0)
      sprockets-rails (>= 2.0, < 4.0)
      tilt (>= 1.1, < 3)
    sdoc (0.4.1)
      json (~> 1.7, >= 1.7.7)
      rdoc (~> 4.0)
    shoulda-matchers (3.1.1)
      activesupport (>= 4.0.0)
    simplecov (0.11.2)
      docile (~> 1.1.0)
      json (~> 1.8)
      simplecov-html (~> 0.10.0)
    simplecov-html (0.10.0)
    sinatra (1.4.7)
      rack (~> 1.5)
      rack-protection (~> 1.4)
      tilt (>= 1.3, < 3)
    slop (3.6.0)
    spring (1.6.4)
    sprockets (3.5.2)
      concurrent-ruby (~> 1.0)
      rack (> 1, < 3)
    sprockets-rails (3.0.4)
      actionpack (>= 4.0)
      activesupport (>= 4.0)
      sprockets (>= 3.0.0)
    thor (0.19.1)
    thread_safe (0.3.5)
    tilt (2.0.2)
    turbolinks (2.5.3)
      coffee-rails
    tzinfo (1.2.2)
      thread_safe (~> 0.1)
    uglifier (2.7.2)
      execjs (>= 0.3.0)
      json (>= 1.8.0)
    unf (0.1.4)
      unf_ext
    unf_ext (0.0.7.2)
    unicorn (5.0.1)
      kgio (~> 2.6)
      rack
      raindrops (~> 0.7)
    vegas (0.1.11)
      rack (>= 1.0.0)
    warden (1.2.6)
      rack (>= 1.0)
    web-console (2.3.0)
      activemodel (>= 4.0)
      binding_of_caller (>= 0.7.2)
      railties (>= 4.0)
      sprockets-rails (>= 2.0, < 4.0)
    webrobots (0.1.2)
    websocket-driver (0.6.3)
      websocket-extensions (>= 0.1.0)
    websocket-extensions (0.1.2)
    yard (0.8.7.6)

PLATFORMS
  ruby

DEPENDENCIES
  activerecord-session_store
  annotate (~> 2.6.6)
  apipie-rails!
  bcrypt-ruby
  bootstrap-sass (~> 3.2.0)
  byebug
  cancancan
  certified
  codeclimate-test-reporter
  coffee-rails
  data_uri
  database_cleaner
  delayed_paperclip
  devise (~> 3.5.1)
  devise_token_auth (= 0.1.31)
  eventmachine
  execjs
  factory_girl_rails
  faye
  foreman
  jbuilder
  jquery-rails
  kaminari
  letter_opener
  libv8
  mail_view
  mechanize
  method_source
  newrelic_rpm
  omniauth-facebook
  omniauth-google-oauth2
  paperclip
  paperclip-av-transcoder
  paranoia (~> 2.1.3)
  pg
  postmark-rails
  pry
  pry-doc
  pry-rails
  puma
  quiet_assets
  rack-cors
  rails (= 4.2.1)
  rails_12factor
  rails_admin
  resque
  resque-scheduler
  resque_mailer
  roo
  rspec-rails
  rubyzip
  sass-rails
  sdoc (~> 0.4.0)
  shoulda-matchers
  spring
  state_machine!
  turbolinks
  uglifier
  unicorn
  web-console (~> 2.0)

BUNDLED WITH
   1.11.2
